GIT
  remote: https://github.com/titusfortner/webdrivers.git
  revision: 5b3dc29ff5cdb7bec110de949e78184c789ef63a
  specs:
    webdrivers (5.2.0)
      nokogiri (~> 1.6)
      rubyzip (>= 1.3.0)
      selenium-webdriver (~> 4.0)

GEM
  remote: https://rubygems.org/
  specs:
    nokogiri (1.15.3-x64-mingw-ucrt)
      racc (~> 1.4)
    racc (1.7.1)
    rexml (3.2.5)
    rubyzip (2.3.2)
    selenium-webdriver (4.10.0)
      rexml (~> 3.2, >= 3.2.5)
      rubyzip (>= 1.2.2, < 3.0)
      websocket (~> 1.0)
    websocket (1.2.9)

PLATFORMS
  x64-mingw-ucrt

DEPENDENCIES
  webdrivers!

BUNDLED WITH
   2.4.17
